GEM
  remote: https://rubygems.org/
  specs:
    awesome_print (1.9.2)
    coderay (1.1.3)
    colored (1.2)
    commonmarker (0.23.10)
    diff-lcs (1.3)
    equatable (0.5.0)
    github-markup (5.0.1)
    gzip (1.0)
    method_source (1.1.0)
    necromancer (0.4.0)
    pastel (0.7.2)
      equatable (~> 0.5.0)
      tty-color (~> 0.4.0)
    pry (0.14.2)
      coderay (~> 1.1)
      method_source (~> 1.0)
    pry-nav (1.0.0)
      pry (>= 0.9.10, < 0.15)
    psych (4.0.6)
      stringio
    rake (13.2.1)
    rake-notes (1.0.0)
      colored
      rake
    rspec (3.13.0)
      rspec-core (~> 3.13.0)
      rspec-expectations (~> 3.13.0)
      rspec-mocks (~> 3.13.0)
    rspec-core (3.13.0)
      rspec-support (~> 3.13.0)
    rspec-expectations (3.13.1)
      diff-lcs (>= 1.2.0, < 2.0)
      rspec-support (~> 3.13.0)
    rspec-mocks (3.13.1)
      diff-lcs (>= 1.2.0, < 2.0)
      rspec-support (~> 3.13.0)
    rspec-support (3.13.1)
    stringio (3.1.0)
    tty (0.7.0)
      equatable (~> 0.5.0)
      pastel (~> 0.7.0)
      tty-color (~> 0.4.0)
      tty-command (~> 0.4.0)
      tty-cursor (~> 0.4.0)
      tty-editor (~> 0.2.0)
      tty-file (~> 0.3.0)
      tty-pager (~> 0.7.0)
      tty-platform (~> 0.1.0)
      tty-progressbar (~> 0.10.0)
      tty-prompt (~> 0.12.0)
      tty-screen (~> 0.5.0)
      tty-spinner (~> 0.4.0)
      tty-table (~> 0.8.0)
      tty-which (~> 0.3.0)
    tty-color (0.4.3)
    tty-command (0.4.0)
      pastel (~> 0.7.0)
    tty-cursor (0.4.0)
    tty-editor (0.2.0)
      tty-prompt (~> 0.12.0)
      tty-which (~> 0.3.0)
    tty-file (0.3.0)
      diff-lcs (~> 1.3.0)
      pastel (~> 0.7.0)
      tty-prompt (~> 0.12.0)
    tty-pager (0.7.1)
      tty-screen (~> 0.5.0)
      tty-which (~> 0.3.0)
      verse (~> 0.5.0)
    tty-platform (0.1.0)
    tty-progressbar (0.10.1)
      tty-screen (~> 0.5.0)
    tty-prompt (0.12.0)
      necromancer (~> 0.4.0)
      pastel (~> 0.7.0)
      tty-cursor (~> 0.4.0)
      wisper (~> 1.6.1)
    tty-screen (0.5.1)
    tty-spinner (0.4.1)
    tty-table (0.8.0)
      equatable (~> 0.5.0)
      necromancer (~> 0.4.0)
      pastel (~> 0.7.0)
      tty-screen (~> 0.5.0)
      unicode-display_width (~> 1.1.0)
      verse (~> 0.5.0)
    tty-which (0.3.0)
    unicode-display_width (1.1.3)
    unicode_utils (1.4.0)
    verse (0.5.0)
      unicode-display_width (~> 1.1.0)
      unicode_utils (~> 1.4.0)
    wisper (1.6.1)
    yaml (0.3.0)

PLATFORMS
  ruby

DEPENDENCIES
  awesome_print
  commonmarker
  github-markup
  gzip
  pry-nav
  psych (< 5)
  rake
  rake-notes
  rspec
  tty
  yaml

BUNDLED WITH
   2.3.11
